GEM
  remote: https://rubygems.org/
  specs:
    RedCloth (4.2.9)
    RedCloth (4.2.9-x86-mingw32)
    activesupport (4.0.2)
      i18n (~> 0.6, >= 0.6.4)
      minitest (~> 4.2)
      multi_json (~> 1.3)
      thread_safe (~> 0.1)
      tzinfo (~> 0.3.37)
    addressable (2.3.6)
    atomic (1.1.14)
    blankslate (2.1.2.4)
    buftok (0.2.0)
    classifier (1.3.4)
      fast-stemmer (>= 1.0.0)
    coderay (1.1.0)
    colorator (0.1)
    commander (4.1.6)
      highline (~> 1.6.11)
    equalizer (0.0.9)
    faraday (0.9.0)
      multipart-post (>= 1.2, < 3)
    fast-stemmer (1.0.2)
    ffi (1.9.3)
    ffi (1.9.3-x86-mingw32)
    gemoji (1.5.0)
    geokit (1.8.4)
      multi_json (>= 1.3.2)
    github-pages (17)
      RedCloth (= 4.2.9)
      jekyll (= 1.5.1)
      jekyll-mentions (= 0.0.6)
      jekyll-redirect-from (= 0.3.1)
      jemoji (= 0.1.0)
      kramdown (= 1.3.1)
      liquid (= 2.5.5)
      maruku (= 0.7.0)
      rdiscount (= 2.1.7)
      redcarpet (= 2.3.0)
    highline (1.6.21)
    html-pipeline (1.5.0)
      activesupport (>= 2)
      nokogiri (~> 1.4)
    htmlentities (4.3.1)
    http (0.5.0)
      http_parser.rb
    http_parser.rb (0.6.0)
    httparty (0.13.0)
      json (~> 1.8)
      multi_xml (>= 0.5.2)
    i18n (0.6.9)
    jekyll (1.5.1)
      classifier (~> 1.3)
      colorator (~> 0.1)
      commander (~> 4.1.3)
      liquid (~> 2.5.5)
      listen (~> 1.3)
      maruku (= 0.7.0)
      pygments.rb (~> 0.5.0)
      redcarpet (~> 2.3.0)
      safe_yaml (~> 1.0)
      toml (~> 0.1.0)
    jekyll-mentions (0.0.6)
      html-pipeline (~> 1.5.0)
      jekyll (~> 1.4)
    jekyll-redirect-from (0.3.1)
      jekyll (~> 1.4)
    jemoji (0.1.0)
      gemoji (~> 1.5.0)
      html-pipeline (~> 1.5.0)
      jekyll (~> 1.4)
    json (1.8.1)
    kramdown (1.3.1)
    launchy (2.4.2)
      addressable (~> 2.3)
    liquid (2.5.5)
    listen (1.3.1)
      rb-fsevent (>= 0.9.3)
      rb-inotify (>= 0.9)
      rb-kqueue (>= 0.2)
    maruku (0.7.0)
    memoizable (0.4.0)
      thread_safe (~> 0.1.3)
    mini_portile (0.5.3)
    minitest (4.7.5)
    multi_json (1.8.4)
    multi_xml (0.5.5)
    multipart-post (2.0.0)
    naught (1.0.0)
    nokogiri (1.6.1)
      mini_portile (~> 0.5.0)
    nokogiri (1.6.1-x86-mingw32)
      mini_portile (~> 0.5.0)
    oauth (0.4.7)
    parslet (1.5.0)
      blankslate (~> 2.0)
    posix-spawn (0.3.8)
    pygments.rb (0.5.4)
      posix-spawn (~> 0.3.6)
      yajl-ruby (~> 1.1.0)
    rake (10.1.1)
    rb-fsevent (0.9.4)
    rb-inotify (0.9.3)
      ffi (>= 0.5.0)
    rb-kqueue (0.2.2)
      ffi (>= 0.5.0)
    rdiscount (2.1.7)
    redcarpet (2.3.0)
    retryable (1.3.5)
    safe_yaml (1.0.2)
    simple_oauth (0.2.0)
    stringex (2.2.0)
    t (2.5.0)
      geokit (>= 1.8.3, < 2)
      htmlentities (~> 4.3)
      launchy (~> 2.4)
      oauth (~> 0.4.7)
      retryable (~> 1.3)
      thor (>= 0.18.1, < 2)
      twitter (~> 5.8)
    thor (0.18.1)
    thread_safe (0.1.3)
      atomic
    toml (0.1.1)
      parslet (~> 1.5.0)
    twitter (5.8.0)
      addressable (~> 2.3)
      buftok (~> 0.2.0)
      equalizer (~> 0.0.9)
      faraday (~> 0.9.0)
      http (~> 0.5.0)
      http_parser.rb (~> 0.6.0)
      json (~> 1.8)
      memoizable (~> 0.4.0)
      naught (~> 1.0)
      simple_oauth (~> 0.2.0)
    tzinfo (0.3.38)
    yajl-ruby (1.1.0)
    yajl-ruby (1.1.0-x86-mingw32)

PLATFORMS
  ruby
  x86-mingw32

DEPENDENCIES
  activesupport
  coderay
  github-pages
  httparty
  jekyll-redirect-from
  kramdown
  rake
  stringex
  t
  thor
